PATH
  remote: .
  specs:
    spree_client (1.0.8.pre)
      faraday
      hashie
      json
      sanitize

GEM
  remote: https://rubygems.org/
  specs:
    crass (0.2.1)
    diff-lcs (1.2.5)
    faraday (0.9.0)
      multipart-post (>= 1.2, < 3)
    hashie (3.3.1)
    json (1.8.1)
    mini_portile (0.6.0)
    multipart-post (2.0.0)
    nokogiri (1.6.3.1)
      mini_portile (= 0.6.0)
    nokogumbo (1.1.12)
      nokogiri
    rake (10.3.2)
    rspec (3.0.0)
      rspec-core (~> 3.0.0)
      rspec-expectations (~> 3.0.0)
      rspec-mocks (~> 3.0.0)
    rspec-core (3.0.2)
      rspec-support (~> 3.0.0)
    rspec-expectations (3.0.2)
      diff-lcs (>= 1.2.0, < 2.0)
      rspec-support (~> 3.0.0)
    rspec-mocks (3.0.2)
      rspec-support (~> 3.0.0)
    rspec-support (3.0.2)
    sanitize (3.0.2)
      crass (~> 0.2.0)
      nokogiri (>= 1.4.4)
      nokogumbo (= 1.1.12)

PLATFORMS
  ruby

DEPENDENCIES
  rake
  rspec
  spree_client!
